PATH
  remote: .
  specs:
    enumark (1.1.0)

GEM
  remote: https://rubygems.org/
  specs:
    coderay (1.1.3)
    method_source (1.0.0)
    minitest (5.16.3)
    pry (0.14.1)
      coderay (~> 1.1)
      method_source (~> 1.0)
    rake (13.0.6)

PLATFORMS
  ruby

DEPENDENCIES
  enumark!
  minitest (~> 5.0)
  pry
  rake (~> 13.0)

BUNDLED WITH
   1.17.2
